GEM
  remote: https://rubygems.org/
  specs:
    mini_portile2 (2.3.0)
    nokogiri (1.8.5)
      mini_portile2 (~> 2.3.0)
    roo (2.7.1)
      nokogiri (~> 1)
      rubyzip (~> 1.1, < 2.0.0)
    ruby-ole (1.2.12.1)
    rubyzip (1.2.2)
    spreadsheet (1.1.8)
      ruby-ole (>= 1.0)

PLATFORMS
  ruby

DEPENDENCIES
  roo
  spreadsheet

BUNDLED WITH
   1.16.6
